GEM
  remote: http://rubygems.org/
  specs:
    actionmailer (2.3.15)
      actionpack (= 2.3.15)
    actionpack (2.3.15)
      activesupport (= 2.3.15)
      rack (~> 1.1.3)
    activerecord (2.3.15)
      activesupport (= 2.3.15)
    activeresource (2.3.15)
      activesupport (= 2.3.15)
    activesupport (2.3.15)
    coderay (1.0.9)
    edavis10-object_daddy (0.4.3)
    fastercsv (1.5.5)
    i18n (0.4.2)
    iconv (1.0.4)
    metaclass (0.0.4)
    mocha (0.12.3)
      metaclass (~> 0.0.1)
    mysql (2.8.1)
    mysql2 (0.2.24)
    net-ldap (0.3.1)
    pg (0.18.2)
    power_assert (0.2.3)
    rack (1.1.6)
    rails (2.3.15)
      actionmailer (= 2.3.15)
      actionpack (= 2.3.15)
      activerecord (= 2.3.15)
      activeresource (= 2.3.15)
      activesupport (= 2.3.15)
      rake (>= 0.8.3)
    rake (10.4.2)
    rdoc (4.2.0)
    rmagick (2.15.2)
    ruby-openid (2.1.8)
    shoulda (2.10.3)
    test-unit (3.1.2)
      power_assert
    tzinfo (0.3.44)

PLATFORMS
  ruby

DEPENDENCIES
  activerecord-jdbcmysql-adapter
  activerecord-jdbcpostgresql-adapter
  activerecord-jdbcsqlite3-adapter
  coderay (~> 1.0.6)
  edavis10-object_daddy
  fastercsv (~> 1.5.0)
  i18n (~> 0.4.2)
  iconv (~> 1.0.3)
  jruby-openssl
  mocha (= 0.12.3)
  mysql (~> 2.8.1)
  mysql2 (~> 0.2.7)
  net-ldap (~> 0.3.1)
  pg (>= 0.11.0)
  rails (= 2.3.15)
  rdoc (>= 2.4.2)
  rmagick (>= 2.0.0)
  ruby-openid (~> 2.1.4)
  shoulda (~> 2.10.3)
  test-unit
  tzinfo (~> 0.3.31)
